GEM
  remote: https://rubygems.org/
  specs:
    activesupport (3.2.13)
      i18n (= 0.6.1)
      multi_json (~> 1.0)
    adhearsion (2.3.1)
      activesupport (~> 3.0)
      adhearsion-loquacious (~> 1.9)
      bundler (~> 1.0)
      celluloid (~> 0.13)
      countdownlatch
      deep_merge
      ffi (~> 1.0)
      future-resource (~> 1.0)
      girl_friday
      has-guarded-handlers (~> 1.5)
      logging (~> 1.8)
      pry
      punchblock (~> 1.4)
      rake
      ruby_speech (~> 1.0)
      thor
    adhearsion-asterisk (1.3.1)
      activesupport (>= 3.0.10)
      adhearsion (~> 2.0)
    adhearsion-drb (1.0.0)
      activesupport (>= 3.0.10)
      adhearsion (~> 2.0)
      i18n (>= 0.5.0)
    adhearsion-loquacious (1.9.3)
    awesome_print (1.1.0)
    blather (0.8.4)
      activesupport (>= 2.3.11)
      eventmachine (>= 1.0.0)
      girl_friday
      niceogiri (~> 1.0)
      nokogiri (~> 1.5, >= 1.5.6)
    celluloid (0.13.0)
      timers (>= 1.0.0)
    celluloid-io (0.13.1)
      celluloid (>= 0.13.0)
      nio4r (>= 0.4.0)
    certified (0.1.1)
    coderay (1.0.9)
    colorize (0.5.8)
    connection_pool (1.0.0)
    countdownlatch (1.0.0)
    deep_merge (1.0.0)
    diff-lcs (1.2.4)
    eventmachine (1.0.3)
    ffi (1.8.1)
    future-resource (1.0.0)
    girl_friday (0.11.2)
      connection_pool (~> 1.0)
      rubinius-actor
    has-guarded-handlers (1.5.0)
    http (0.4.0)
      certified
      http_parser.rb
    http_parser.rb (0.5.3)
    http_router (0.11.0)
      rack (>= 1.0.0)
      url_mount (~> 0.2.1)
    i18n (0.6.1)
    json (1.7.7)
    little-plugger (1.1.3)
    logging (1.8.1)
      little-plugger (>= 1.1.3)
      multi_json (>= 1.3.6)
    method_source (0.8.1)
    multi_json (1.7.2)
    niceogiri (1.1.1)
      nokogiri (~> 1.5)
    nio4r (0.4.3)
    nokogiri (1.5.9)
    octarine (0.0.3)
      http_router
    parallel (0.6.4)
    pry (0.9.12.1)
      coderay (~> 1.0.5)
      method_source (~> 0.8)
      slop (~> 3.4)
    punchblock (1.8.2)
      activesupport (~> 3.0)
      blather (>= 0.7.0)
      celluloid (~> 0.13)
      future-resource (~> 1.0)
      has-guarded-handlers (~> 1.5)
      niceogiri (~> 1.1)
      nokogiri (~> 1.5, >= 1.5.6)
      ruby_ami (~> 1.2, >= 1.2.1)
      ruby_fs (~> 1.0)
      ruby_speech (~> 1.0)
      state_machine (~> 1.0)
    rack (1.5.2)
    rake (10.0.4)
    reel (0.3.0)
      celluloid-io (>= 0.8.0)
      http (>= 0.2.0)
      http_parser.rb (>= 0.5.3)
      rack (>= 1.4.0)
      websocket_parser (>= 0.1.0)
    rspec (2.13.0)
      rspec-core (~> 2.13.0)
      rspec-expectations (~> 2.13.0)
      rspec-mocks (~> 2.13.0)
    rspec-core (2.13.1)
    rspec-expectations (2.13.0)
      diff-lcs (>= 1.1.3, < 2.0)
    rspec-mocks (2.13.1)
    rubinius-actor (0.0.2)
      rubinius-core-api
    rubinius-core-api (0.0.1)
    ruby_ami (1.3.4)
      celluloid-io (~> 0.13)
      countdownlatch (~> 1.0)
      future-resource
      girl_friday
    ruby_fs (1.1.0)
      celluloid-io (~> 0.13)
      json
    ruby_speech (1.1.0)
      activesupport (>= 3.0.7)
      niceogiri (~> 1.1, >= 1.1.1)
      nokogiri (~> 1.5, >= 1.5.6)
    shell-spinner (1.0.4)
      colorize
    slop (3.4.4)
    state_machine (1.2.0)
    terminal-table (1.4.5)
    thor (0.18.1)
    timers (1.1.0)
    url_mount (0.2.1)
      rack
    virginia (0.1.0)
      activesupport (>= 3.0.10)
      adhearsion (~> 2.1)
      octarine
      reel
    websocket_parser (0.1.2)
      http

PLATFORMS
  ruby

DEPENDENCIES
  adhearsion (~> 2.3)
  adhearsion-asterisk
  adhearsion-drb
  awesome_print
  parallel
  rspec
  shell-spinner
  terminal-table
  virginia
